{
    "TaskName": "action",
    "Manufacturer": "n/a",
    "PowerLineFrequency": 50.0,
    "SamplingFrequency": 1000.0,
    "SoftwareFilters": "n/a",
    "RecordingDuration": 325.569,
    "RecordingType": "continuous",
    "EEGReference": "n/a",
    "EEGGround": "n/a",
    "EEGPlacementScheme": "based on the extended 10/20 system",
    "EEGChannelCount": 62,
    "EOGChannelCount": 2,
    "ECGChannelCount": 0,
    "EMGChannelCount": 0,
    "MiscChannelCount": 0,
    "TriggerChannelCount": 0,
    "ManufacturersModelName": "NeuroScan, USA",
    "SoftwareVersions": "Curry Neuroimage 8.0",
    "DeviceSerialNumber": "n/a",
    "TaskDescription": "Participants watched videos of actions and responded whether the action was sports with the right or left hand.",
    "Instructions": "Watch the videos carefully and respond as quickly and accurately as possible whether the action is sports or not using the right or left hand respectively after video disappear.",
    "CogAtlasID": "https://www.cognitiveatlas.org/task/id/tsk_4a57abb949846/",
    "CogPOID": "https://www.cognitiveatlas.org/task/id/tsk_4a57abb949846/",
    "InstitutionName": "Beijing Normal University, Beijing",
    "InstitutionAddress": "No 19 Xinjiekou Wai St, Haidian District, Beijing.",
    "InstitutionalDepartmentName": "Faculty of Psychology",
    "ECOGChannelCount": 0,
    "SEEGChannelCount": 0,
    "MaxMovement": 1e-05,
    "SubjectArtefactDescription": "n/a",
    "HardwareFilters": "n/a",
    "CapManufacturer": "Neuroscan",
    "CapManufacturersModelName": "Neuroscan",
    "MISCChannelCount": 0,
    "HeadCircumference": 58
}